PATH
  remote: .
  specs:
    mosql (0.3.1)
      bson_ext
      json
      log4r
      mongo
      mongoriver
      pg
      rake
      sequel

GEM
  remote: https://rubygems.org/
  specs:
    bson (1.10.2)
    bson_ext (1.10.2)
      bson (~> 1.10.2)
    json (1.8.0)
    log4r (1.1.10)
    metaclass (0.0.4)
    minitest (3.0.0)
    mocha (1.0.0)
      metaclass (~> 0.0.1)
    mongo (1.10.2)
      bson (= 1.10.2)
    mongoriver (0.1.0)
      bson_ext
      log4r
      mongo (>= 1.7)
    pg (0.14.1)
    rake (10.1.0)
    sequel (3.44.0)

PLATFORMS
  ruby

DEPENDENCIES
  minitest
  mocha
  mosql!
